GEM
  remote: https://rubygems.org/
  specs:
    rspec-core (3.4.4)
      rspec-support (~> 3.4.0)
    rspec-support (3.4.1)

PLATFORMS
  ruby

DEPENDENCIES
  rspec-core

BUNDLED WITH
   1.11.2
